PATH
  remote: .
  specs:
    bureaucrat-sc (0.12.4)
      activesupport (<= 4.2.1)
      i18n (~> 0.6)

GEM
  remote: https://rubygems.org/
  specs:
    activesupport (4.2.1)
      i18n (~> 0.7)
      json (~> 1.7, >= 1.7.7)
      minitest (~> 5.1)
      thread_safe (~> 0.3, >= 0.3.4)
      tzinfo (~> 1.1)
    diff-lcs (1.1.3)
    i18n (0.7.0)
    json (1.8.3)
    minitest (5.8.1)
    rake (10.0.3)
    rspec (2.12.0)
      rspec-core (~> 2.12.0)
      rspec-expectations (~> 2.12.0)
      rspec-mocks (~> 2.12.0)
    rspec-core (2.12.2)
    rspec-expectations (2.12.1)
      diff-lcs (~> 1.1.3)
    rspec-mocks (2.12.2)
    thread_safe (0.3.5)
    tzinfo (1.2.2)
      thread_safe (~> 0.1)

PLATFORMS
  ruby

DEPENDENCIES
  bureaucrat-sc!
  rake (= 10.0.3)
  rspec (= 2.12.0)

BUNDLED WITH
   1.10.6
